PATH
  remote: ~/workspace/eris/
  specs:
    eris (0.0.8)
      curb
      erubis
      json
      rack
      sinatra
      thor

GEM
  remote: http://rubygems.org/
  specs:
    childprocess (0.2.0)
      ffi (~> 1.0.6)
    curb (0.7.15)
    diff-lcs (1.1.2)
    erubis (2.7.0)
    ffi (1.0.9)
    jasmine (1.0.2.1)
      json_pure (>= 1.4.3)
      rack (>= 1.1)
      rspec (>= 1.3.1)
      selenium-webdriver (>= 0.1.3)
    json (1.5.3)
    json_pure (1.5.3)
    rack (1.3.2)
    rake (0.9.2)
    rspec (2.6.0)
      rspec-core (~> 2.6.0)
      rspec-expectations (~> 2.6.0)
      rspec-mocks (~> 2.6.0)
    rspec-core (2.6.4)
    rspec-expectations (2.6.0)
      diff-lcs (~> 1.1.2)
    rspec-mocks (2.6.0)
    rubyzip (0.9.4)
    selenium-webdriver (2.3.2)
      childprocess (>= 0.1.9)
      ffi (>= 1.0.7)
      json_pure
      rubyzip
    sinatra (1.2.6)
      rack (~> 1.1)
      tilt (< 2.0, >= 1.2.2)
    thor (0.14.6)
    tilt (1.3.2)

PLATFORMS
  ruby

DEPENDENCIES
  eris!
  jasmine
  rake
